GEM
  remote: https://rubygems.org/
  specs:
    activemodel (5.2.0)
      activesupport (= 5.2.0)
    activerecord (5.2.0)
      activemodel (= 5.2.0)
      activesupport (= 5.2.0)
      arel (>= 9.0)
    activesupport (5.2.0)
      concurrent-ruby (~> 1.0, >= 1.0.2)
      i18n (>= 0.7, < 2)
      minitest (~> 5.1)
      tzinfo (~> 1.1)
    arel (9.0.0)
    concurrent-ruby (1.0.5)
    diff-lcs (1.3)
    i18n (1.0.1)
      concurrent-ruby (~> 1.0)
    mini_portile2 (2.4.0)
    minitest (5.11.3)
    mustermann (1.0.3)
    nokogiri (1.10.4)
      mini_portile2 (~> 2.4.0)
    pg (0.18.4)
    puma (3.12.2)
    rack (2.0.5)
    rack-protection (2.0.4)
      rack
    roo (2.7.1)
      nokogiri (~> 1)
      rubyzip (~> 1.1, < 2.0.0)
    rspec (3.7.0)
      rspec-core (~> 3.7.0)
      rspec-expectations (~> 3.7.0)
      rspec-mocks (~> 3.7.0)
    rspec-core (3.7.1)
      rspec-support (~> 3.7.0)
    rspec-expectations (3.7.0)
      diff-lcs (>= 1.2.0, < 2.0)
      rspec-support (~> 3.7.0)
    rspec-mocks (3.7.0)
      diff-lcs (>= 1.2.0, < 2.0)
      rspec-support (~> 3.7.0)
    rspec-support (3.7.1)
    rubyzip (1.3.0)
    sinatra (2.0.4)
      mustermann (~> 1.0)
      rack (~> 2.0)
      rack-protection (= 2.0.4)
      tilt (~> 2.0)
    thread_safe (0.3.5)
    tilt (2.0.8)
    tzinfo (1.2.2)
      thread_safe (~> 0.1)
    tzinfo-data (1.2017.2)
      tzinfo (>= 1.0.0)

PLATFORMS
  ruby

DEPENDENCIES
  activerecord (= 5.2.0)
  activesupport (= 5.2.0)
  i18n
  pg
  puma
  roo
  rspec
  sinatra
  tzinfo
  tzinfo-data

BUNDLED WITH
   1.16.3
